GEM
  remote: https://rubygems.org/
  specs:
    activesupport (4.2.1)
      i18n (~> 0.7)
      json (~> 1.7, >= 1.7.7)
      minitest (~> 5.1)
      thread_safe (~> 0.3, >= 0.3.4)
      tzinfo (~> 1.1)
    addressable (2.3.8)
    aws-sdk (1.64.0)
      aws-sdk-v1 (= 1.64.0)
    aws-sdk-v1 (1.64.0)
      json (~> 1.4)
      nokogiri (>= 1.4.4)
    babosa (1.0.2)
    capybara (2.4.4)
      mime-types (>= 1.16)
      nokogiri (>= 1.3.3)
      rack (>= 1.0.0)
      rack-test (>= 0.5.4)
      xpath (~> 2.0)
    cert (0.1.5)
      fastlane_core (>= 0.5.0)
    certified (1.0.0)
    claide (0.8.1)
    cliver (0.3.2)
    cocoapods (0.36.3)
      activesupport (>= 3.2.15)
      claide (~> 0.8.1)
      cocoapods-core (= 0.36.3)
      cocoapods-downloader (~> 0.9.0)
      cocoapods-plugins (~> 0.4.1)
      cocoapods-trunk (~> 0.6.0)
      cocoapods-try (~> 0.4.3)
      colored (~> 1.2)
      escape (~> 0.0.4)
      molinillo (~> 0.2.1)
      nap (~> 0.8)
      open4 (~> 1.3)
      xcodeproj (~> 0.23.1)
    cocoapods-core (0.36.3)
      activesupport (>= 3.2.15)
      fuzzy_match (~> 2.0.4)
      nap (~> 0.8.0)
    cocoapods-downloader (0.9.0)
    cocoapods-plugins (0.4.2)
      nap
    cocoapods-trunk (0.6.0)
      nap (>= 0.8)
      netrc (= 0.7.8)
    cocoapods-try (0.4.3)
    colored (1.2)
    commander (4.3.2)
      highline (~> 1.7.1)
    credentials_manager (0.2.1)
      colored
      highline
      security
    cupertino (1.3.3)
      certified (~> 1.0.0)
      commander (~> 4.3)
      highline (>= 1.7.1)
      mechanize (~> 2.5.1)
      nokogiri (~> 1.6.3)
      security (~> 0.1.2)
      term-ansicolor (~> 1.0.7)
      terminal-table (~> 1.4.5)
    deliver (0.9.1)
      excon
      fastimage (~> 1.6.3)
      fastlane_core (>= 0.5.0)
      nokogiri (~> 1.6.5)
      plist (~> 3.1.0)
      prawn
      rubyzip (~> 1.1.6)
    domain_name (0.5.23)
      unf (>= 0.0.5, < 1.0.0)
    dotenv (0.11.1)
      dotenv-deployment (~> 0.0.2)
    dotenv-deployment (0.0.2)
    dubai (0.1.0)
      commander (~> 4.1)
      json
      rubyzip (~> 1.0)
      sinatra (~> 1.3)
      terminal-table (~> 1.4)
    escape (0.0.4)
    excon (0.45.1)
    faraday (0.8.9)
      multipart-post (~> 1.2.0)
    faraday_middleware (0.9.1)
      faraday (>= 0.7.4, < 0.10)
    fastimage (1.6.8)
      addressable (~> 2.3, >= 2.3.5)
    fastlane (0.7.0)
      aws-sdk (~> 1.0)
      cert (>= 0.1.4)
      cupertino (~> 1.3, >= 1.3.1)
      deliver (>= 0.9.1)
      fastlane_core (>= 0.5.2)
      frameit (>= 1.0.0)
      nokogiri (~> 1.6)
      pem (>= 0.4.0)
      produce (>= 0.2.0)
      shenzhen (~> 0.12)
      sigh (>= 0.4.8)
      slack-notifier (~> 1.0)
      snapshot (>= 0.6.1)
      terminal-notifier (~> 1.6.2)
      terminal-table (~> 1.4.5)
      xcodeproj (~> 0.20)
      xcpretty (~> 0.1)
    fastlane_core (0.5.2)
      babosa
      capybara (~> 2.4.3)
      colored
      commander (>= 4.1.0)
      credentials_manager (>= 0.2.1)
      excon (~> 0.45.0)
      highline
      json
      multi_json
      phantomjs (~> 1.9.8)
      poltergeist (~> 1.5.1)
    frameit (1.0.0)
      deliver (> 0.3)
      fastimage (~> 1.6.3)
      fastlane_core (>= 0.5.0)
      mini_magick (~> 4.0.2)
    fuzzy_match (2.0.4)
    highline (1.7.1)
    houston (2.2.3)
      commander (~> 4.1)
      json
    i18n (0.7.0)
    json (1.8.2)
    mechanize (2.5.1)
      domain_name (~> 0.5, >= 0.5.1)
      mime-types (~> 1.17, >= 1.17.2)
      net-http-digest_auth (~> 1.1, >= 1.1.1)
      net-http-persistent (~> 2.5, >= 2.5.2)
      nokogiri (~> 1.4)
      ntlm-http (~> 0.1, >= 0.1.1)
      webrobots (~> 0.0, >= 0.0.9)
    mime-types (1.25.1)
    mini_magick (4.0.4)
    mini_portile (0.6.2)
    minitest (5.5.1)
    molinillo (0.2.3)
    multi_json (1.11.0)
    multipart-post (1.2.0)
    nap (0.8.0)
    net-http-digest_auth (1.4)
    net-http-persistent (2.9.4)
    net-sftp (2.1.2)
      net-ssh (>= 2.6.5)
    net-ssh (2.9.2)
    netrc (0.7.8)
    nokogiri (1.6.6.2)
      mini_portile (~> 0.6.0)
    nomad-cli (0.0.2)
      cupertino
      dubai
      houston
      shenzhen
      venice
    ntlm-http (0.1.1)
    open4 (1.3.4)
    pdf-core (0.5.1)
    pem (0.4.0)
      fastlane_core (>= 0.5.1)
    phantomjs (1.9.8.0)
    plist (3.1.0)
    poltergeist (1.5.1)
      capybara (~> 2.1)
      cliver (~> 0.3.1)
      multi_json (~> 1.0)
      websocket-driver (>= 0.2.0)
    prawn (2.0.1)
      pdf-core (~> 0.5.1)
      ttfunk (~> 1.4.0)
    produce (0.2.0)
      fastlane_core (>= 0.5.0)
    rack (1.6.0)
    rack-protection (1.5.3)
      rack
    rack-test (0.6.3)
      rack (>= 1.0)
    rubyzip (1.1.7)
    security (0.1.3)
    shenzhen (0.13.2)
      aws-sdk (~> 1.0)
      commander (~> 4.3)
      dotenv (~> 0.7)
      faraday (~> 0.8.9)
      faraday_middleware (~> 0.9)
      highline (>= 1.7.1)
      json (~> 1.8)
      net-sftp (~> 2.1.2)
      plist (~> 3.1.0)
      rubyzip (~> 1.1)
      security (~> 0.1.3)
      terminal-table (~> 1.4.5)
    sigh (0.4.9)
      fastlane_core (>= 0.5.1)
      plist (~> 3.1.0)
    sinatra (1.4.6)
      rack (~> 1.4)
      rack-protection (~> 1.4)
      tilt (>= 1.3, < 3)
    slack-notifier (1.1.0)
    snapshot (0.6.1)
      fastimage (~> 1.6.3)
      fastlane_core (>= 0.5.0)
    term-ansicolor (1.0.7)
    terminal-notifier (1.6.3)
    terminal-table (1.4.5)
    thread_safe (0.3.5)
    tilt (2.0.1)
    ttfunk (1.4.0)
    tzinfo (1.2.2)
      thread_safe (~> 0.1)
    unf (0.1.4)
      unf_ext
    unf_ext (0.0.6)
    venice (0.2.0)
      commander (~> 4.1)
      json
      terminal-table (~> 1.4)
    webrobots (0.1.1)
    websocket-driver (0.5.4)
      websocket-extensions (>= 0.1.0)
    websocket-extensions (0.1.2)
    xcodeproj (0.23.1)
      activesupport (>= 3)
      colored (~> 1.2)
    xcpretty (0.1.8)
    xpath (2.0.0)
      nokogiri (~> 1.3)

PLATFORMS
  ruby

DEPENDENCIES
  cocoapods (~> 0.36.3)
  fastlane (~> 0.7.0)
  nomad-cli
  xcpretty (~> 0.1.8)
